GEM
  remote: https://rubygems.org/
  specs:
    addressable (2.5.0)
      public_suffix (~> 2.0, >= 2.0.2)
    ast (2.3.0)
    capybara (2.12.1)
      addressable
      mime-types (>= 1.16)
      nokogiri (>= 1.3.3)
      rack (>= 1.0.0)
      rack-test (>= 0.5.4)
      xpath (~> 2.0)
    concurrent-ruby (1.0.5)
    diff-lcs (1.3)
    dotenv (2.2.0)
    dry-configurable (0.6.2)
      concurrent-ruby (~> 1.0)
    dry-container (0.6.0)
      concurrent-ruby (~> 1.0)
      dry-configurable (~> 0.1, >= 0.1.3)
    dry-core (0.2.4)
      concurrent-ruby (~> 1.0)
    dry-equalizer (0.2.0)
    dry-initializer (1.2.0)
    dry-logic (0.4.1)
      dry-container (~> 0.2, >= 0.2.6)
      dry-core (~> 0.2)
      dry-equalizer (~> 0.2)
    dry-types (0.9.4)
      concurrent-ruby (~> 1.0)
      dry-configurable (~> 0.1)
      dry-container (~> 0.3)
      dry-core (~> 0.2, >= 0.2.1)
      dry-equalizer (~> 0.2)
      dry-logic (~> 0.4, >= 0.4.0)
      inflecto (~> 0.0.0, >= 0.0.2)
    dry-validation (0.10.5)
      concurrent-ruby (~> 1.0)
      dry-configurable (~> 0.1, >= 0.1.3)
      dry-core (~> 0.2, >= 0.2.1)
      dry-equalizer (~> 0.2)
      dry-logic (~> 0.4, >= 0.4.0)
      dry-types (~> 0.9, >= 0.9.0)
    hanami (1.0.0.beta2)
      bundler (~> 1.13)
      concurrent-ruby (~> 1.0)
      hanami-assets (~> 1.0.0.beta1)
      hanami-controller (~> 1.0.0.beta2)
      hanami-helpers (~> 1.0.0.beta1)
      hanami-mailer (~> 1.0.0.beta1)
      hanami-router (~> 1.0.0.beta2)
      hanami-utils (~> 1.0.0.beta2)
      hanami-validations (~> 1.0.0.beta1)
      hanami-view (~> 1.0.0.beta1)
      thor (~> 0.19)
    hanami-assets (1.0.0.beta1)
      hanami-helpers (~> 1.0.0.beta1)
      hanami-utils (~> 1.0.0.beta1)
      tilt (~> 2.0, >= 2.0.2)
    hanami-controller (1.0.0.beta2)
      hanami-utils (~> 1.0.0.beta1)
      rack (~> 2.0)
    hanami-helpers (1.0.0.beta1)
      hanami-utils (~> 1.0.0.beta1)
    hanami-mailer (1.0.0.beta1)
      hanami-utils (~> 1.0.0.beta1)
      mail (~> 2.5)
      tilt (~> 2.0, >= 2.0.1)
    hanami-router (1.0.0.beta2)
      hanami-utils (~> 1.0.0.beta1)
      http_router (= 0.11.2)
      rack (~> 2.0)
    hanami-utils (1.0.0.beta2)
    hanami-validations (1.0.0.beta1)
      dry-validation (~> 0.10)
      hanami-utils (~> 1.0.0.beta1)
    hanami-view (1.0.0.beta1)
      hanami-utils (~> 1.0.0.beta1)
      tilt (~> 2.0, >= 2.0.1)
    http_router (0.11.2)
      rack (>= 1.0.0)
      url_mount (~> 0.2.1)
    inflecto (0.0.2)
    mail (2.6.4)
      mime-types (>= 1.16, < 4)
    mime-types (3.1)
      mime-types-data (~> 3.2015)
    mime-types-data (3.2016.0521)
    mini_portile2 (2.1.0)
    nokogiri (1.7.0.1)
      mini_portile2 (~> 2.1.0)
    parser (2.4.0.0)
      ast (~> 2.2)
    powerpack (0.1.1)
    public_suffix (2.0.5)
    rack (2.0.1)
    rack-test (0.6.3)
      rack (>= 1.0)
    rainbow (2.2.1)
    rake (12.0.0)
    rspec (3.5.0)
      rspec-core (~> 3.5.0)
      rspec-expectations (~> 3.5.0)
      rspec-mocks (~> 3.5.0)
    rspec-core (3.5.4)
      rspec-support (~> 3.5.0)
    rspec-expectations (3.5.0)
      diff-lcs (>= 1.2.0, < 2.0)
      rspec-support (~> 3.5.0)
    rspec-mocks (3.5.0)
      diff-lcs (>= 1.2.0, < 2.0)
      rspec-support (~> 3.5.0)
    rspec-support (3.5.0)
    rubocop (0.47.1)
      parser (>= 2.3.3.1, < 3.0)
      powerpack (~> 0.1)
      rainbow (>= 1.99.1, < 3.0)
      ruby-progressbar (~> 1.7)
      unicode-display_width (~> 1.0, >= 1.0.1)
    ruby-progressbar (1.8.1)
    shotgun (0.9.2)
      rack (>= 1.0)
    thor (0.19.4)
    tilt (2.0.6)
    unicode-display_width (1.1.3)
    url_mount (0.2.1)
      rack
    xpath (2.0.0)
      nokogiri (~> 1.3)

PLATFORMS
  ruby

DEPENDENCIES
  capybara
  dotenv (~> 2.0)
  dry-initializer
  hanami (= 1.0.0.beta2)
  rake
  rspec
  rubocop
  shotgun

BUNDLED WITH
   1.14.3
